GEM
  remote: https://rubygems.org/
  specs:
    colorize (0.8.1)
    commander (4.4.7)
      highline (~> 2.0.0)
    highline (2.0.1)

PLATFORMS
  ruby

DEPENDENCIES
  colorize
  commander

BUNDLED WITH
   2.0.1
